GEM
  remote: http://rubygems.org/
  specs:
    addressable (2.2.8)
    capistrano (2.12.0)
      highline
      net-scp (>= 1.0.0)
      net-sftp (>= 2.0.0)
      net-ssh (>= 2.0.14)
      net-ssh-gateway (>= 1.1.0)
    cinch (2.0.2)
    coderay (1.0.6)
    daemons (1.1.8)
    data_objects (0.10.8)
      addressable (~> 2.1)
    diff-lcs (1.1.3)
    dm-core (1.2.0)
      addressable (~> 2.2.6)
    dm-do-adapter (1.2.0)
      data_objects (~> 0.10.6)
      dm-core (~> 1.2.0)
    dm-migrations (1.2.0)
      dm-core (~> 1.2.0)
    dm-sqlite-adapter (1.2.0)
      dm-do-adapter (~> 1.2.0)
      do_sqlite3 (~> 0.10.6)
    dm-validations (1.2.0)
      dm-core (~> 1.2.0)
    do_sqlite3 (0.10.8)
      data_objects (= 0.10.8)
    foreman (0.46.0)
      thor (>= 0.13.6)
    haml (3.1.5)
    highline (1.6.12)
    method_source (0.7.1)
    net-scp (1.0.4)
      net-ssh (>= 1.99.1)
    net-sftp (2.0.5)
      net-ssh (>= 2.0.9)
    net-ssh (2.3.0)
    net-ssh-gateway (1.1.0)
      net-ssh (>= 1.99.1)
    pry (0.9.9.4)
      coderay (~> 1.0.5)
      method_source (~> 0.7.1)
      slop (>= 2.4.4, < 3)
    rack (1.4.1)
    rack-protection (1.2.0)
      rack
    rack-test (0.6.1)
      rack (>= 1.0)
    rake (0.9.2.2)
    rspec (2.10.0)
      rspec-core (~> 2.10.0)
      rspec-expectations (~> 2.10.0)
      rspec-mocks (~> 2.10.0)
    rspec-core (2.10.0)
    rspec-expectations (2.10.0)
      diff-lcs (~> 1.1.3)
    rspec-mocks (2.10.1)
    shotgun (0.9)
      rack (>= 1.0)
    sinatra (1.3.2)
      rack (~> 1.3, >= 1.3.6)
      rack-protection (~> 1.2)
      tilt (~> 1.3, >= 1.3.3)
    slop (2.4.4)
    sqlite3 (1.3.6)
    thor (0.15.2)
    tilt (1.3.3)
    timecop (0.3.5)

PLATFORMS
  ruby

DEPENDENCIES
  capistrano (~> 2.12.0)
  cinch (~> 2.0.2)
  daemons (~> 1.1.8)
  dm-core (~> 1.2.0)
  dm-migrations (~> 1.2.0)
  dm-sqlite-adapter (~> 1.2.0)
  dm-validations (~> 1.2.0)
  foreman (~> 0.46.0)
  haml (~> 3.1.5)
  pry
  rack-test (~> 0.6.1)
  rake (~> 0.9.2.2)
  rspec (~> 2.10.0)
  shotgun
  sinatra (~> 1.3.2)
  sqlite3 (~> 1.3.6)
  timecop (~> 0.3.5)
