GEM
  remote: http://rubygems.org/
  specs:
    capistrano (2.12.0)
      highline
      net-scp (>= 1.0.0)
      net-sftp (>= 2.0.0)
      net-ssh (>= 2.0.14)
      net-ssh-gateway (>= 1.1.0)
    cinch (2.0.2)
    foreman (0.46.0)
      thor (>= 0.13.6)
    haml (3.1.5)
    highline (1.6.12)
    liquid (2.3.0)
    net-scp (1.0.4)
      net-ssh (>= 1.99.1)
    net-sftp (2.0.5)
      net-ssh (>= 2.0.9)
    net-ssh (2.3.0)
    net-ssh-gateway (1.1.0)
      net-ssh (>= 1.99.1)
    rack (1.4.1)
    rack-protection (1.2.0)
      rack
    rake (0.9.2.2)
    sinatra (1.3.2)
      rack (~> 1.3, >= 1.3.6)
      rack-protection (~> 1.2)
      tilt (~> 1.3, >= 1.3.3)
    sinatra-respond_to (0.8.0)
      sinatra (~> 1.3)
    sqlite3 (1.3.6)
    thor (0.15.2)
    tilt (1.3.3)

PLATFORMS
  ruby

DEPENDENCIES
  capistrano (~> 2.12.0)
  cinch (~> 2.0.2)
  foreman (~> 0.46.0)
  haml (~> 3.1.5)
  liquid (~> 2.3.0)
  rake (~> 0.9.2.2)
  sinatra (~> 1.3.2)
  sinatra-respond_to (~> 0.8.0)
  sqlite3 (~> 1.3.6)
